GEM
  remote: https://gems.contribsys.com/
  specs:
    sidekiq-pro (8.0.2)
      sidekiq (>= 8.0.0, < 9)

GEM
  remote: https://rubygems.org/
  specs:
    aasm (5.5.0)
      concurrent-ruby (~> 1.0)
    actioncable (8.0.3)
      actionpack (= 8.0.3)
      activesupport (= 8.0.3)
      nio4r (~> 2.0)
      websocket-driver (>= 0.6.1)
      zeitwerk (~> 2.6)
    actionmailbox (8.0.3)
      actionpack (= 8.0.3)
      activejob (= 8.0.3)
      activerecord (= 8.0.3)
      activestorage (= 8.0.3)
      activesupport (= 8.0.3)
      mail (>= 2.8.0)
    actionmailer (8.0.3)
      actionpack (= 8.0.3)
      actionview (= 8.0.3)
      activejob (= 8.0.3)
      activesupport (= 8.0.3)
      mail (>= 2.8.0)
      rails-dom-testing (~> 2.2)
    actionpack (8.0.3)
      actionview (= 8.0.3)
      activesupport (= 8.0.3)
      nokogiri (>= 1.8.5)
      rack (>= 2.2.4)
      rack-session (>= 1.0.1)
      rack-test (>= 0.6.3)
      rails-dom-testing (~> 2.2)
      rails-html-sanitizer (~> 1.6)
      useragent (~> 0.16)
    actiontext (8.0.3)
      actionpack (= 8.0.3)
      activerecord (= 8.0.3)
      activestorage (= 8.0.3)
      activesupport (= 8.0.3)
      globalid (>= 0.6.0)
      nokogiri (>= 1.8.5)
    actionview (8.0.3)
      activesupport (= 8.0.3)
      builder (~> 3.1)
      erubi (~> 1.11)
      rails-dom-testing (~> 2.2)
      rails-html-sanitizer (~> 1.6)
    activejob (8.0.3)
      activesupport (= 8.0.3)
      globalid (>= 0.3.6)
    activemodel (8.0.3)
      activesupport (= 8.0.3)
    activerecord (8.0.3)
      activemodel (= 8.0.3)
      activesupport (= 8.0.3)
      timeout (>= 0.4.0)
    activestorage (8.0.3)
      actionpack (= 8.0.3)
      activejob (= 8.0.3)
      activerecord (= 8.0.3)
      activesupport (= 8.0.3)
      marcel (~> 1.0)
    activesupport (8.0.3)
      base64
      benchmark (>= 0.3)
      bigdecimal
      concurrent-ruby (~> 1.0, >= 1.3.1)
      connection_pool (>= 2.2.5)
      drb
      i18n (>= 1.6, < 2)
      logger (>= 1.4.2)
      minitest (>= 5.1)
      securerandom (>= 0.3)
      tzinfo (~> 2.0, >= 2.0.5)
      uri (>= 0.13.1)
    addressable (2.8.7)
      public_suffix (>= 2.0.2, < 7.0)
    after_commit_everywhere (1.5.0)
      activerecord (>= 4.2)
      activesupport
    ast (2.4.3)
    autoprefixer-rails (10.4.19.0)
      execjs (~> 2)
    aws-eventstream (1.3.1)
    aws-partitions (1.1051.0)
    aws-sdk-core (3.218.1)
      aws-eventstream (~> 1, >= 1.3.0)
      aws-partitions (~> 1, >= 1.992.0)
      aws-sigv4 (~> 1.9)
      base64
      jmespath (~> 1, >= 1.6.1)
    aws-sdk-kms (1.98.0)
      aws-sdk-core (~> 3, >= 3.216.0)
      aws-sigv4 (~> 1.5)
    aws-sdk-s3 (1.181.0)
      aws-sdk-core (~> 3, >= 3.216.0)
      aws-sdk-kms (~> 1)
      aws-sigv4 (~> 1.5)
    aws-sigv4 (1.11.0)
      aws-eventstream (~> 1, >= 1.0.2)
    base64 (0.3.0)
    bcp47_spec (0.2.1)
    bcrypt (3.1.20)
    benchmark (0.5.0)
    bigdecimal (3.3.1)
    bindex (0.8.1)
    bootsnap (1.18.4)
      msgpack (~> 1.2)
    bootstrap (5.3.3)
      autoprefixer-rails (>= 9.1.0)
      popper_js (>= 2.11.8, < 3)
    bootstrap_form (5.3.2)
      actionpack (>= 6.1)
      activemodel (>= 6.1)
    builder (3.3.0)
    byebug (11.1.3)
    cancancan (3.6.1)
    capybara (3.40.0)
      addressable
      matrix
      mini_mime (>= 0.1.3)
      nokogiri (~> 1.11)
      rack (>= 1.6.0)
      rack-test (>= 0.6.3)
      regexp_parser (>= 1.5, < 3.0)
      xpath (~> 3.2)
    clamby (1.6.11)
    cmdparse (3.0.7)
    concurrent-ruby (1.3.5)
    config (5.5.2)
      deep_merge (~> 1.2, >= 1.2.1)
      ostruct
    connection_pool (2.5.4)
    content_disposition (1.0.0)
    crack (1.0.0)
      bigdecimal
      rexml
    crass (1.0.6)
    cronex (0.15.0)
      tzinfo
      unicode (>= 0.4.4.5)
    csv (3.3.2)
    cuprite (0.14.3)
      capybara (~> 3.0)
      ferrum (~> 0.13.0)
    date (3.4.1)
    debug (1.10.0)
      irb (~> 1.10)
      reline (>= 0.3.8)
    declarative (0.0.20)
    deep_merge (1.2.2)
    devise (4.9.4)
      bcrypt (~> 3.0)
      orm_adapter (~> 0.1)
      railties (>= 4.1.0)
      responders
      warden (~> 1.2.3)
    diff-lcs (1.5.1)
    disposable (0.6.3)
      declarative (>= 0.0.9, < 1.0.0)
      representable (>= 3.1.1, < 4)
    docile (1.4.1)
    dotiw (5.3.3)
      activesupport
      i18n
    down (5.4.2)
      addressable (~> 2.8)
    drb (2.2.3)
    dry-core (1.1.0)
      concurrent-ruby (~> 1.0)
      logger
      zeitwerk (~> 2.6)
    dry-events (1.1.0)
      concurrent-ruby (~> 1.0)
      dry-core (~> 1.1)
    dry-inflector (1.2.0)
    dry-logic (1.6.0)
      bigdecimal
      concurrent-ruby (~> 1.0)
      dry-core (~> 1.1)
      zeitwerk (~> 2.6)
    dry-matcher (1.0.0)
      dry-core (~> 1.0, < 2)
    dry-monads (1.7.1)
      concurrent-ruby (~> 1.0)
      dry-core (~> 1.1)
      zeitwerk (~> 2.6)
    dry-struct (1.8.0)
      dry-core (~> 1.1)
      dry-types (~> 1.8, >= 1.8.2)
      ice_nine (~> 0.11)
      zeitwerk (~> 2.6)
    dry-transaction (0.16.0)
      dry-core (~> 1.0)
      dry-events (~> 1.0)
      dry-matcher (~> 1.0)
      dry-monads (~> 1.6)
    dry-types (1.8.3)
      bigdecimal (~> 3.0)
      concurrent-ruby (~> 1.0)
      dry-core (~> 1.0)
      dry-inflector (~> 1.0)
      dry-logic (~> 1.4)
      zeitwerk (~> 2.6)
    erb (5.1.1)
    erubi (1.13.1)
    et-orbi (1.4.0)
      tzinfo
    execjs (2.10.0)
    ezid-client (1.11.0)
      hashie (~> 3.4, >= 3.4.3)
      nokogiri
    factory_bot (6.5.1)
      activesupport (>= 6.1.0)
    factory_bot_rails (6.4.4)
      factory_bot (~> 6.5)
      railties (>= 5.0.0)
    faker (3.5.1)
      i18n (>= 1.8.11, < 2)
    faraday (2.14.0)
      faraday-net_http (>= 2.0, < 3.5)
      json
      logger
    faraday-multipart (1.1.1)
      multipart-post (~> 2.0)
    faraday-net_http (3.4.1)
      net-http (>= 0.5.0)
    faraday-retry (2.2.1)
      faraday (~> 2.0)
    ferrum (0.13)
      addressable (~> 2.5)
      concurrent-ruby (~> 1.1)
      webrick (~> 1.7)
      websocket-driver (>= 0.6, < 0.8)
    ffi (1.17.1-aarch64-linux-gnu)
    ffi (1.17.1-arm64-darwin)
    ffi (1.17.1-x86_64-linux-gnu)
    fugit (1.12.0)
      et-orbi (~> 1.4)
      raabro (~> 1.4)
    geo_coord (0.2.0)
    geom2d (0.4.1)
    globalid (1.3.0)
      activesupport (>= 6.1)
    hashdiff (1.1.2)
    hashie (3.6.0)
    hexapdf (1.3.0)
      cmdparse (~> 3.0, >= 3.0.3)
      geom2d (~> 0.4, >= 0.4.1)
      openssl (>= 2.2.1)
      strscan (>= 3.1.2)
    honeybadger (5.26.2)
      logger
      ostruct
    htmlentities (4.3.4)
    i18n (1.14.7)
      concurrent-ruby (~> 1.0)
    ice_nine (0.11.2)
    iiif-presentation (1.3.0)
      activesupport (>= 3.2.18)
      faraday (~> 2.7)
      geo_coord
      json
    importmap-rails (2.1.0)
      actionpack (>= 6.0.0)
      activesupport (>= 6.0.0)
      railties (>= 6.0.0)
    io-console (0.8.1)
    irb (1.15.2)
      pp (>= 0.6.0)
      rdoc (>= 4.0.0)
      reline (>= 0.4.2)
    iso-639 (0.3.8)
      csv
    jb (0.8.2)
    jbuilder (2.13.0)
      actionview (>= 5.0.0)
      activesupport (>= 5.0.0)
    jmespath (1.6.2)
    json (2.15.1)
    json-canonicalization (1.0.0)
    json-ld (3.3.2)
      htmlentities (~> 4.3)
      json-canonicalization (~> 1.0)
      link_header (~> 0.0, >= 0.0.8)
      multi_json (~> 1.15)
      rack (>= 2.2, < 4)
      rdf (~> 3.3)
      rexml (~> 3.2)
    kaminari (1.2.2)
      activesupport (>= 4.1.0)
      kaminari-actionview (= 1.2.2)
      kaminari-activerecord (= 1.2.2)
      kaminari-core (= 1.2.2)
    kaminari-actionview (1.2.2)
      actionview
      kaminari-core (= 1.2.2)
    kaminari-activerecord (1.2.2)
      activerecord
      kaminari-core (= 1.2.2)
    kaminari-core (1.2.2)
    language_server-protocol (3.17.0.5)
    link_header (0.0.8)
    lint_roller (1.1.0)
    logger (1.7.0)
    loofah (2.24.1)
      crass (~> 1.0.2)
      nokogiri (>= 1.12.0)
    mail (2.8.1)
      mini_mime (>= 0.1.1)
      net-imap
      net-pop
      net-smtp
    marcel (1.1.0)
    matrix (0.4.2)
    method_source (1.1.0)
    mime-types (3.6.0)
      logger
      mime-types-data (~> 3.2015)
    mime-types-data (3.2025.0204)
    mini_mime (1.1.5)
    minitest (5.26.0)
    msgpack (1.8.0)
    multi_json (1.17.0)
    multipart-post (2.4.1)
    net-http (0.6.0)
      uri
    net-imap (0.5.12)
      date
      net-protocol
    net-pop (0.1.2)
      net-protocol
    net-protocol (0.2.2)
      timeout
    net-smtp (0.5.1)
      net-protocol
    nio4r (2.7.4)
    nokogiri (1.18.10-aarch64-linux-gnu)
      racc (~> 1.4)
    nokogiri (1.18.10-arm64-darwin)
      racc (~> 1.4)
    nokogiri (1.18.10-x86_64-linux-gnu)
      racc (~> 1.4)
    omniauth (2.1.3)
      hashie (>= 3.4.6)
      rack (>= 2.2.3)
      rack-protection
    omniauth-rails_csrf_protection (1.0.2)
      actionpack (>= 4.2)
      omniauth (~> 2.0)
    omniauth-saml (2.2.4)
      omniauth (~> 2.1)
      ruby-saml (~> 1.18)
    openssl (3.3.0)
    optimist (3.2.0)
    orm_adapter (0.5.0)
    ostruct (0.6.3)
    parallel (1.27.0)
    parser (3.3.9.0)
      ast (~> 2.4.1)
      racc
    pg (1.5.9)
    popper_js (2.11.8)
    pp (0.6.3)
      prettyprint
    prettyprint (0.2.0)
    prism (1.6.0)
    psych (5.2.6)
      date
      stringio
    public_suffix (6.0.1)
    puma (6.6.0)
      nio4r (~> 2.0)
    raabro (1.4.0)
    racc (1.8.1)
    rack (3.2.3)
    rack-protection (4.1.1)
      base64 (>= 0.1.0)
      logger (>= 1.6.0)
      rack (>= 3.0.0, < 4)
    rack-session (2.1.1)
      base64 (>= 0.1.0)
      rack (>= 3.0.0)
    rack-test (2.2.0)
      rack (>= 1.3)
    rackup (2.2.1)
      rack (>= 3)
    rails (8.0.3)
      actioncable (= 8.0.3)
      actionmailbox (= 8.0.3)
      actionmailer (= 8.0.3)
      actionpack (= 8.0.3)
      actiontext (= 8.0.3)
      actionview (= 8.0.3)
      activejob (= 8.0.3)
      activemodel (= 8.0.3)
      activerecord (= 8.0.3)
      activestorage (= 8.0.3)
      activesupport (= 8.0.3)
      bundler (>= 1.15.0)
      railties (= 8.0.3)
    rails-dom-testing (2.3.0)
      activesupport (>= 5.0.0)
      minitest
      nokogiri (>= 1.6)
    rails-html-sanitizer (1.6.2)
      loofah (~> 2.21)
      nokogiri (>= 1.15.7, != 1.16.7, != 1.16.6, != 1.16.5, != 1.16.4, != 1.16.3, != 1.16.2, != 1.16.1, != 1.16.0.rc1, != 1.16.0)
    railties (8.0.3)
      actionpack (= 8.0.3)
      activesupport (= 8.0.3)
      irb (~> 1.13)
      rackup (>= 1.0.0)
      rake (>= 12.2)
      thor (~> 1.0, >= 1.2.2)
      tsort (>= 0.2)
      zeitwerk (~> 2.6)
    rainbow (3.1.1)
    rake (13.3.0)
    rbtrace (0.5.1)
      ffi (>= 1.0.6)
      msgpack (>= 0.4.3)
      optimist (>= 3.0.0)
    rdf (3.3.4)
      bcp47_spec (~> 0.2)
      bigdecimal (~> 3.1, >= 3.1.5)
      link_header (~> 0.0, >= 0.0.8)
      logger (~> 1.5)
      ostruct (~> 0.6)
      readline (~> 0.0)
    rdf-vocab (3.3.3)
      rdf (~> 3.3)
    rdoc (6.15.0)
      erb
      psych (>= 4.0.0)
      tsort
    readline (0.0.4)
      reline
    redis-client (0.26.1)
      connection_pool
    reform (2.6.2)
      disposable (>= 0.5.0, < 1.0.0)
      representable (>= 3.1.1, < 4)
      uber (< 0.2.0)
    reform-rails (0.3.1)
      activemodel (>= 5.0)
      reform (>= 2.3.1, < 3.0.0)
    regexp_parser (2.11.3)
    reline (0.6.2)
      io-console (~> 0.5)
    representable (3.2.0)
      declarative (< 0.1.0)
      trailblazer-option (>= 0.1.1, < 0.2.0)
      uber (< 0.2.0)
    responders (3.1.1)
      actionpack (>= 5.2)
      railties (>= 5.2)
    rexml (3.4.4)
    rouge (4.5.1)
    rsolr (2.6.0)
      builder (>= 2.1.2)
      faraday (>= 0.9, < 3, != 2.0.0)
    rspec-core (3.13.3)
      rspec-support (~> 3.13.0)
    rspec-expectations (3.13.3)
      diff-lcs (>= 1.2.0, < 2.0)
      rspec-support (~> 3.13.0)
    rspec-mocks (3.13.2)
      diff-lcs (>= 1.2.0, < 2.0)
      rspec-support (~> 3.13.0)
    rspec-rails (6.1.5)
      actionpack (>= 6.1)
      activesupport (>= 6.1)
      railties (>= 6.1)
      rspec-core (~> 3.13)
      rspec-expectations (~> 3.13)
      rspec-mocks (~> 3.13)
      rspec-support (~> 3.13)
    rspec-sidekiq (5.2.0)
      rspec-core (~> 3.0)
      rspec-expectations (~> 3.0)
      rspec-mocks (~> 3.0)
      sidekiq (>= 5, < 9)
    rspec-support (3.13.2)
    rubocop (1.81.6)
      json (~> 2.3)
      language_server-protocol (~> 3.17.0.2)
      lint_roller (~> 1.1.0)
      parallel (~> 1.10)
      parser (>= 3.3.0.2)
      rainbow (>= 2.2.2, < 4.0)
      regexp_parser (>= 2.9.3, < 3.0)
      rubocop-ast (>= 1.47.1, < 2.0)
      ruby-progressbar (~> 1.7)
      unicode-display_width (>= 2.4.0, < 4.0)
    rubocop-ast (1.47.1)
      parser (>= 3.3.7.2)
      prism (~> 1.4)
    rubocop-capybara (2.22.1)
      lint_roller (~> 1.1)
      rubocop (~> 1.72, >= 1.72.1)
    rubocop-performance (1.26.1)
      lint_roller (~> 1.1)
      rubocop (>= 1.75.0, < 2.0)
      rubocop-ast (>= 1.47.1, < 2.0)
    rubocop-rails (2.33.4)
      activesupport (>= 4.2.0)
      lint_roller (~> 1.1)
      rack (>= 1.1)
      rubocop (>= 1.75.0, < 2.0)
      rubocop-ast (>= 1.44.0, < 2.0)
    rubocop-rake (0.7.1)
      lint_roller (~> 1.1)
      rubocop (>= 1.72.1)
    rubocop-rspec (3.7.0)
      lint_roller (~> 1.1)
      rubocop (~> 1.72, >= 1.72.1)
    ruby-progressbar (1.13.0)
    ruby-saml (1.18.1)
      nokogiri (>= 1.13.10)
      rexml
    ruby-vips (2.2.3)
      ffi (~> 1.12)
      logger
    sassc (2.4.0)
      ffi (~> 1.9)
    sassc-rails (2.1.2)
      railties (>= 4.0.0)
      sassc (>= 2.0)
      sprockets (> 3.0)
      sprockets-rails
      tilt
    securerandom (0.4.1)
    shrine (3.6.0)
      content_disposition (~> 1.0)
      down (~> 5.1)
    sidekiq (8.0.7)
      connection_pool (>= 2.5.0)
      json (>= 2.9.0)
      logger (>= 1.6.2)
      rack (>= 3.1.0)
      redis-client (>= 0.23.2)
    sidekiq-cron (2.3.1)
      cronex (>= 0.13.0)
      fugit (~> 1.8, >= 1.11.1)
      globalid (>= 1.0.1)
      sidekiq (>= 6.5.0)
    simplecov (0.22.0)
      docile (~> 1.1)
      simplecov-html (~> 0.11)
      simplecov_json_formatter (~> 0.1)
    simplecov-html (0.13.1)
    simplecov_json_formatter (0.1.4)
    sprockets (4.2.1)
      concurrent-ruby (~> 1.0)
      rack (>= 2.2.4, < 4)
    sprockets-rails (3.5.2)
      actionpack (>= 6.1)
      activesupport (>= 6.1)
      sprockets (>= 3.0.0)
    stimulus-rails (1.3.4)
      railties (>= 6.0.0)
    stringio (3.1.7)
    strscan (3.1.4)
    thor (1.4.0)
    tilt (2.6.0)
    timeout (0.4.3)
    trailblazer-option (0.1.2)
    tsort (0.2.0)
    tzinfo (2.0.6)
      concurrent-ruby (~> 1.0)
    uber (0.1.0)
    unicode (0.4.4.5)
    unicode-display_width (3.2.0)
      unicode-emoji (~> 4.1)
    unicode-emoji (4.1.0)
    upennlib-rubocop (1.3.0)
      rubocop (~> 1.72)
      rubocop-capybara
      rubocop-performance
      rubocop-rails
      rubocop-rake
      rubocop-rspec
    uri (1.0.4)
    useragent (0.16.11)
    valkyrie (3.5.0)
      activemodel
      activesupport
      dry-struct
      dry-types (~> 1.0)
      faraday (>= 0.9, < 3, != 2.0.0)
      faraday-multipart
      json
      json-ld
      railties
      rdf (~> 3.0, >= 3.0.10)
      rdf-vocab
      reform (~> 2.2)
      reform-rails
    valkyrie-shrine (1.0.0)
      aws-sdk-s3 (~> 1)
      shrine (>= 2.0, < 4.0)
      valkyrie (> 1.0)
    view_component (3.21.0)
      activesupport (>= 5.2.0, < 8.1)
      concurrent-ruby (~> 1.0)
      method_source (~> 1.0)
    warden (1.2.9)
      rack (>= 2.0.9)
    web-console (4.2.1)
      actionview (>= 6.0.0)
      activemodel (>= 6.0.0)
      bindex (>= 0.4.0)
      railties (>= 6.0.0)
    webmock (3.25.0)
      addressable (>= 2.8.0)
      crack (>= 0.3.2)
      hashdiff (>= 0.4.0, < 2.0.0)
    webrick (1.9.1)
    websocket-driver (0.7.7)
      base64
      websocket-extensions (>= 0.1.0)
    websocket-extensions (0.1.5)
    xpath (3.2.0)
      nokogiri (~> 1.8)
    zeitwerk (2.7.3)

PLATFORMS
  aarch64-linux
  arm64-darwin-23
  x86_64-linux

DEPENDENCIES
  aasm
  after_commit_everywhere (~> 1.0)
  aws-sdk-s3
  bootsnap
  bootstrap (~> 5.3.1)
  bootstrap_form (~> 5.3.2)
  byebug
  cancancan
  capybara
  clamby
  config (~> 5.0)
  cuprite (~> 0.14.0)
  debug (~> 1.8)
  devise
  dotiw
  dry-monads
  dry-transaction
  ezid-client
  factory_bot_rails
  faker
  faraday
  faraday-retry
  hexapdf
  honeybadger
  iiif-presentation
  importmap-rails
  iso-639
  jb
  jbuilder
  kaminari
  mime-types
  omniauth (~> 2.0)
  omniauth-rails_csrf_protection
  omniauth-saml (~> 2.0)
  pg (~> 1.1)
  puma (~> 6.0)
  rails (~> 8.0.0)
  rbtrace
  rouge (~> 4.2)
  rsolr
  rspec-rails (~> 6.0)
  rspec-sidekiq
  ruby-vips
  sassc-rails
  sidekiq-cron
  sidekiq-pro!
  simplecov
  sprockets-rails
  stimulus-rails
  tzinfo-data
  upennlib-rubocop (~> 1.0)
  valkyrie (~> 3.5.0)
  valkyrie-shrine
  view_component
  web-console
  webmock

RUBY VERSION
   ruby 3.4.1p0

BUNDLED WITH
   2.6.2
